GEM
  remote: https://rubygems.org/
  specs:
    colorize (0.7.3)
    minitest (5.4.2)

PLATFORMS
  ruby

DEPENDENCIES
  colorize
  minitest
