GEM
  remote: https://rubygems.org/
  specs:
    colorize (0.6.0)
    rubysl-securerandom (2.0.0)

PLATFORMS
  ruby

DEPENDENCIES
  colorize
  rubysl-securerandom
